PATH
  remote: .
  specs:
    gataloger (0.1.0)
      activesupport (>= 3.0.0)
      carmen
      methadone (~> 1.9.5)
      roo
      roo-xls
      rubyzip

GEM
  remote: https://rubygems.org/
  specs:
    activesupport (5.1.1)
      concurrent-ruby (~> 1.0, >= 1.0.2)
      i18n (~> 0.7)
      minitest (~> 5.1)
      tzinfo (~> 1.1)
    addressable (2.5.1)
      public_suffix (~> 2.0, >= 2.0.2)
    aruba (0.14.2)
      childprocess (~> 0.5.6)
      contracts (~> 0.9)
      cucumber (>= 1.3.19)
      ffi (~> 1.9.10)
      rspec-expectations (>= 2.99)
      thor (~> 0.19)
    builder (3.2.3)
    byebug (9.0.6)
    carmen (1.0.2)
      activesupport (>= 3.0.0)
    childprocess (0.5.9)
      ffi (~> 1.0, >= 1.0.11)
    concurrent-ruby (1.0.5)
    contracts (0.16.0)
    crack (0.4.3)
      safe_yaml (~> 1.0.0)
    cucumber (2.4.0)
      builder (>= 2.1.2)
      cucumber-core (~> 1.5.0)
      cucumber-wire (~> 0.0.1)
      diff-lcs (>= 1.1.3)
      gherkin (~> 4.0)
      multi_json (>= 1.7.5, < 2.0)
      multi_test (>= 0.1.2)
    cucumber-core (1.5.0)
      gherkin (~> 4.0)
    cucumber-wire (0.0.1)
    diff-lcs (1.3)
    ffi (1.9.18)
    gherkin (4.1.3)
    hashdiff (0.3.4)
    i18n (0.8.1)
    methadone (1.9.5)
      bundler
    mini_portile2 (2.1.0)
    minitest (5.10.2)
    multi_json (1.12.1)
    multi_test (0.1.2)
    nokogiri (1.7.2)
      mini_portile2 (~> 2.1.0)
    power_assert (1.0.2)
    public_suffix (2.0.5)
    rake (10.5.0)
    rdoc (5.1.0)
    roo (2.7.1)
      nokogiri (~> 1)
      rubyzip (~> 1.1, < 2.0.0)
    roo-xls (1.0.0)
      nokogiri
      roo (>= 2.0.0beta1, < 3)
      spreadsheet (> 0.9.0)
    rspec (3.6.0)
      rspec-core (~> 3.6.0)
      rspec-expectations (~> 3.6.0)
      rspec-mocks (~> 3.6.0)
    rspec-core (3.6.0)
      rspec-support (~> 3.6.0)
    rspec-expectations (3.6.0)
      diff-lcs (>= 1.2.0, < 2.0)
      rspec-support (~> 3.6.0)
    rspec-mocks (3.6.0)
      diff-lcs (>= 1.2.0, < 2.0)
      rspec-support (~> 3.6.0)
    rspec-support (3.6.0)
    ruby-ole (1.2.12.1)
    rubyzip (1.2.1)
    safe_yaml (1.0.4)
    spreadsheet (1.1.4)
      ruby-ole (>= 1.0)
    test-unit (3.2.4)
      power_assert
    thor (0.19.4)
    thread_safe (0.3.6)
    tzinfo (1.2.3)
      thread_safe (~> 0.1)
    vcr (3.0.3)
    webmock (3.0.1)
      addressable (>= 2.3.6)
      crack (>= 0.3.2)
      hashdiff

PLATFORMS
  ruby

DEPENDENCIES
  aruba
  bundler (~> 1.12)
  byebug
  gataloger!
  rake (~> 10.0)
  rdoc
  rspec (~> 3)
  test-unit
  vcr
  webmock

BUNDLED WITH
   1.15.0
